GEM
  remote: https://rubygems.org/
  specs:
    Ascii85 (1.0.3)
    addressable (2.7.0)
      public_suffix (>= 2.0.2, < 5.0)
    afm (0.2.2)
    asciidoctor (2.0.10)
    asciidoctor-epub3 (1.5.0.alpha.9)
      asciidoctor (>= 1.5.0, < 3.0.0)
      concurrent-ruby (~> 1.1.5)
      gepub (~> 1.0.2)
      thread_safe (~> 0.3.6)
    asciidoctor-pdf (1.5.0.beta.5)
      asciidoctor (>= 1.5.3, < 3.0.0)
      concurrent-ruby (~> 1.1.0)
      prawn (~> 2.2.0)
      prawn-icon (~> 2.4.0)
      prawn-svg (~> 0.29.0)
      prawn-table (~> 0.2.0)
      prawn-templates (~> 0.1.0)
      safe_yaml (~> 1.0.0)
      thread_safe (~> 0.3.0)
      treetop (~> 1.5.0)
    bump (0.8.0)
    coderay (1.1.2)
    concurrent-ruby (1.1.5)
    css_parser (1.7.0)
      addressable
    epubcheck (3.0.1)
    ffi (1.11.1)
    formatador (0.2.5)
    gepub (1.0.4)
      nokogiri (>= 1.8.2, < 1.11)
      rubyzip (>= 1.1.1)
    guard (2.15.1)
      formatador (>= 0.2.4)
      listen (>= 2.7, < 4.0)
      lumberjack (>= 1.0.12, < 2.0)
      nenv (~> 0.1)
      notiffany (~> 0.0)
      pry (>= 0.9.12)
      shellany (~> 0.0)
      thor (>= 0.18.1)
    guard-rake (1.0.0)
      guard
      rake
    hashery (2.1.2)
    kindlegen (3.0.3)
      rake
      rubyzip
    listen (3.1.5)
      rb-fsevent (~> 0.9, >= 0.9.4)
      rb-inotify (~> 0.9, >= 0.9.7)
      ruby_dep (~> 1.2)
    lumberjack (1.0.13)
    method_source (0.9.2)
    mini_portile2 (2.4.0)
    multi_json (1.13.1)
    nenv (0.3.0)
    nokogiri (1.10.4)
      mini_portile2 (~> 2.4.0)
    notiffany (0.1.3)
      nenv (~> 0.1)
      shellany (~> 0.0)
    pdf-core (0.7.0)
    pdf-reader (2.2.1)
      Ascii85 (~> 1.0.0)
      afm (~> 0.2.1)
      hashery (~> 2.0)
      ruby-rc4
      ttfunk
    polyglot (0.3.5)
    prawn (2.2.2)
      pdf-core (~> 0.7.0)
      ttfunk (~> 1.5)
    prawn-icon (2.4.0)
      prawn (>= 1.1.0, < 3.0.0)
    prawn-svg (0.29.1)
      css_parser (~> 1.6)
      prawn (>= 0.11.1, < 3)
    prawn-table (0.2.2)
      prawn (>= 1.3.0, < 3.0.0)
    prawn-templates (0.1.1)
      pdf-reader (~> 2.0)
      prawn (~> 2.2)
    pry (0.12.2)
      coderay (~> 1.1.0)
      method_source (~> 0.9.0)
    public_suffix (4.0.1)
    pygments.rb (1.1.1)
      multi_json (>= 1.0.0)
    rake (12.0.0)
    rb-fsevent (0.10.3)
    rb-inotify (0.10.0)
      ffi (~> 1.0)
    ruby-rc4 (0.1.5)
    ruby_dep (1.5.0)
    rubyzip (2.0.0)
    safe_yaml (1.0.5)
    shellany (0.0.1)
    thor (0.20.3)
    thread_safe (0.3.6)
    treetop (1.5.3)
      polyglot (~> 0.3)
    ttfunk (1.5.1)

PLATFORMS
  ruby

DEPENDENCIES
  asciidoctor (= 2.0.10)
  asciidoctor-epub3 (= 1.5.0.alpha.9)
  asciidoctor-pdf (= 1.5.0.beta.5)
  bump
  epubcheck (= 3.0.1)
  guard-rake (= 1.0.0)
  kindlegen (= 3.0.3)
  pygments.rb (= 1.1.1)
  rake (= 12.0.0)

BUNDLED WITH
   2.0.2
